GEM
  remote: http://rubygems.org/
  specs:
    activemodel (3.0.3)
      activesupport (= 3.0.3)
      builder (~> 2.1.2)
      i18n (~> 0.4)
    activeresource (3.0.3)
      activemodel (= 3.0.3)
      activesupport (= 3.0.3)
    activesupport (3.0.3)
    addressable (2.2.2)
    appengine-apis (0.0.22)
      appengine-rack
    appengine-rack (0.0.12)
      jruby-jars (>= 1.5.1)
      jruby-rack (>= 1.0.1)
      rack
    bouncy-castle-java (1.5.0145.2)
    builder (2.1.2)
    configuration (1.2.0)
    data_objects (0.10.2)
      addressable (~> 2.1)
    dm-appengine (0.1.3)
      appengine-apis (~> 0.0.17)
      dm-core (~> 1.0)
      lexidecimal (~> 0.0)
    dm-core (1.0.2)
      addressable (~> 2.2)
      extlib (~> 0.9.15)
    dm-do-adapter (1.0.2)
      data_objects (~> 0.10.2)
      dm-core (~> 1.0.2)
    dm-sqlite-adapter (1.0.2)
      dm-do-adapter (~> 1.0.2)
      do_sqlite3 (~> 0.10.2)
    do_sqlite3 (0.10.2)
      data_objects (= 0.10.2)
    extlib (0.9.15)
    haml (3.0.24)
    heroku (1.14.9)
      json_pure (>= 1.2.0, < 1.5.0)
      launchy (~> 0.3.2)
      rest-client (>= 1.4.0, < 1.7.0)
    i18n (0.5.0)
    jruby-jars (1.5.6)
    jruby-openssl (0.7.2)
      bouncy-castle-java
    jruby-rack (1.0.4)
    json_pure (1.4.6)
    launchy (0.3.7)
      configuration (>= 0.0.5)
      rake (>= 0.8.1)
    lexidecimal (0.0.1)
    mime-types (1.16)
    newrelic_rpm (2.13.4)
    rack (1.2.1)
    rake (0.8.7)
    rest-client (1.6.1)
      mime-types (>= 1.16)
    sinatra (1.1.0)
      rack (~> 1.1)
      tilt (~> 1.1)
    tilt (1.1)

PLATFORMS
  ruby

DEPENDENCIES
  activeresource
  appengine-rack
  dm-appengine
  dm-sqlite-adapter
  haml
  heroku
  jruby-openssl
  newrelic_rpm
  sinatra
